GEM
  remote: https://rubygems.org/
  specs:
    rack (1.6.1)
    rack-test (0.6.3)
      rack (>= 1.0)
    rake (10.4.2)

PLATFORMS
  ruby

DEPENDENCIES
  rack
  rack-test
  rake
